##TITLE= Parameter file, TOPSPIN		Version 2.1
##JCAMPDX= 5.0
##DATATYPE= Parameter Values
##NPOINTS= 15	$$ modification sequence number
##ORIGIN= Bruker BioSpin GmbH
##OWNER= bearden
$$ 2012-09-05 21:16:25.568 -0400  bearden@Bruker700
$$ /opt/topspin/data/bmrb/nmr/bmrb_batch05_120905.Auto01/107/acqu
$$ process /opt/topspin/prog/mod/getprosol
##$ACQT0= 0
##$AMP= (0..31)
100 100 100 100 100 100 100 100 100 100 100 100 100 100 100 100 100 100
100 100 100 100 100 100 100 100 100 100 100 100 100 100
##$ANAVPT= 1
##$AQSEQ= 0
##$AQ_mod= 3
##$AUNM= <tbs_au_prof1d_shim>
##$AUTOPOS= <7 >
##$BF1= 700.13
##$BF2= 700.13
##$BF3= 700.13
##$BF4= 700.13
##$BF5= 700.13
##$BF6= 700.13
##$BF7= 700.13
##$BF8= 700.13
##$BYTORDA= 0
##$CFDGTYP= 0
##$CFRGTYP= 9
##$CHEMSTR= <none>
##$CNST= (0..63)
1 1 145 1 1 1 1 1 1 1 1 1 1 1 1 1 1 1 1 1 1 1 1 1 1 1 1 1 1 0.75 1 1 1
1 1 1 1 1 1 1 1 1 1 1 1 1 1 1 1 1 1 1 1 1 1 1 1 1 1 1 1 1 1 1
##$CPDPRG= <>
##$CPDPRG1= <>
##$CPDPRG2= <>
##$CPDPRG3= <>
##$CPDPRG4= <mlev16>
##$CPDPRG5= <mlev16>
##$CPDPRG6= <mlev16>
##$CPDPRG7= <mlev16>
##$CPDPRG8= <mlev16>
##$CPDPRGB= <mlev>
##$CPDPRGT= <garp>
##$D= (0..63)
0 3 0 0 0 0 0 0 0.06 0.06 0 0.03 2e-05 0 0 0 0.0002 0 0 0 0 0 0 0 0 0 0
0 0 0 0 0 0 0 0 0 0 0 0 0 0 0 0 0 0 0 0 0 0 0 0 0 0 0 0 0 0 0 0 0 0 0 0
0
##$DATE= 0
##$DBL= (0..7)
120 120 120 120 120 120 120 120
##$DBP= (0..7)
150 150 150 150 150 150 150 150
##$DBP07= 0
##$DBPNAM0= <>
##$DBPNAM1= <>
##$DBPNAM2= <>
##$DBPNAM3= <>
##$DBPNAM4= <>
##$DBPNAM5= <>
##$DBPNAM6= <>
##$DBPNAM7= <>
##$DBPOAL= (0..7)
0.5 0.5 0.5 0.5 0.5 0.5 0.5 0.5
##$DBPOFFS= (0..7)
0 0 0 0 0 0 0 0
##$DE= 6.5
##$DECBNUC= <off>
##$DECIM= 1428
##$DECNUC= <off>
##$DECSTAT= 4
##$DIGMOD= 3
##$DIGTYP= 12
##$DL= (0..7)
0 120 120 120 120 120 120 120
##$DP= (0..7)
150 150 150 150 150 150 150 150
##$DP07= 0
##$DPNAME0= <>
##$DPNAME1= <>
##$DPNAME2= <>
##$DPNAME3= <>
##$DPNAME4= <>
##$DPNAME5= <>
##$DPNAME6= <>
##$DPNAME7= <>
##$DPOAL= (0..7)
0.5 0.5 0.5 0.5 0.5 0.5 0.5 0.5
##$DPOFFS= (0..7)
0 0 0 0 0 0 0 0
##$DQDMODE= 0
##$DR= 22
##$DS= 8
##$DSLIST= <>
##$DSPFIRM= 4
##$DSPFVS= 0
##$DTYPA= 0
##$EXP= <dwb_BMRB_1H_298K_v01>
##$F1LIST= <>
##$F2LIST= <>
##$F3LIST= <>
##$FCUCHAN= (0..9)
0 2 0 0 0 0 0 0 0 0
##$FL1= 90
##$FL2= 90
##$FL3= 90
##$FL4= 90
##$FOV= 20
##$FQ1LIST= <freqlist>
##$FQ2LIST= <freqlist>
##$FQ3LIST= <freqlist>
##$FQ4LIST= <freqlist>
##$FQ5LIST= <freqlist>
##$FQ6LIST= <freqlist>
##$FQ7LIST= <freqlist>
##$FQ8LIST= <freqlist>
##$FRQLO3= 0
##$FRQLO3N= 0
##$FS= (0..7)
83 83 83 83 83 83 83 83
##$FTLPGN= 0
##$FW= 625000
##$FnMODE= 0
##$FnTYPE= 0
##$GP031= 0
##$GPNAM0= <SMSQ10.100>
##$GPNAM1= <SMSQ10.100>
##$GPNAM10= <SMSQ10.100>
##$GPNAM11= <SMSQ10.100>
##$GPNAM12= <SMSQ10.100>
##$GPNAM13= <SMSQ10.100>
##$GPNAM14= <SMSQ10.100>
##$GPNAM15= <SMSQ10.100>
##$GPNAM16= <SMSQ10.100>
##$GPNAM17= <SMSQ10.100>
##$GPNAM18= <SMSQ10.100>
##$GPNAM19= <SMSQ10.100>
##$GPNAM2= <SMSQ10.100>
##$GPNAM20= <SMSQ10.100>
##$GPNAM21= <SMSQ10.100>
##$GPNAM22= <SMSQ10.100>
##$GPNAM23= <SMSQ10.100>
##$GPNAM24= <SMSQ10.100>
##$GPNAM25= <SMSQ10.100>
##$GPNAM26= <SMSQ10.100>
##$GPNAM27= <SMSQ10.100>
##$GPNAM28= <SMSQ10.100>
##$GPNAM29= <SMSQ10.100>
##$GPNAM3= <SMSQ10.100>
##$GPNAM30= <SMSQ10.100>
##$GPNAM31= <SMSQ10.100>
##$GPNAM4= <SMSQ10.100>
##$GPNAM5= <SMSQ10.100>
##$GPNAM6= <SMSQ10.100>
##$GPNAM7= <SMSQ10.100>
##$GPNAM8= <SMSQ10.100>
##$GPNAM9= <SMSQ10.100>
##$GPX= (0..31)
0 0 0 0 0 0 0 0 0 0 0 0 0 0 0 0 0 0 0 0 0 0 0 0 0 0 0 0 0 0 0 0
##$GPY= (0..31)
0 0 0 0 0 0 0 0 0 0 0 0 0 0 0 0 0 0 0 0 0 0 0 0 0 0 0 0 0 0 0 0
##$GPZ= (0..31)
0 50 -10 0 0 0 0 0 0 0 0 0 0 0 0 0 0 0 0 0 0 0 0 0 0 0 0 0 0 0 0 0
##$GRDPROG= <>
##$GRPDLY= -1
##$HDDUTY= 20
##$HDRATE= 20
##$HGAIN= (0..3)
0 0 0 0
##$HL1= 1
##$HL2= 35
##$HL3= 16
##$HL4= 17
##$HOLDER= 7
##$HPMOD= (0..7)
0 0 0 0 0 0 0 0
##$HPPRGN= 0
##$IN= (0..63)
0.001 0.001 0.001 0.001 0.001 0.001 0.001 0.001 0.001 0.001 0.001 0.001
0.001 0.001 0.001 0.001 0.001 0.001 0.001 0.001 0.001 0.001 0.001 0.001
0.001 0.001 0.001 0.001 0.001 0.001 0.001 0.001 0.001 0.001 0.001 0.001
0.001 0.001 0.001 0.001 0.001 0.001 0.001 0.001 0.001 0.001 0.001 0.001
0.001 0.001 0.001 0.001 0.001 0.001 0.001 0.001 0.001 0.001 0.001 0.001
0.001 0.001 0.001 0.001
##$INF= (0..7)
0 0 0 0 0 0 0 0
##$INP= (0..63)
0 0 0 0 0 0 0 0 0 0 0 0 0 0 0 0 0 0 0 0 0 0 0 0 0 0 0 0 0 0 0 0 0 0 0 0
0 0 0 0 0 0 0 0 0 0 0 0 0 0 0 0 0 0 0 0 0 0 0 0 0 0 0 0
##$INSTRUM= <>
##$L= (0..31)
1 1 1 1 1 1 1 1 1 1 1 1 1 1 1 1 1 1 1 1 1 1 1 1 1 1 1 1 1 1 1 1
##$LFILTER= 10
##$LGAIN= -10
##$LINPSTP= 0
##$LOCKED= no
##$LOCKFLD= 0
##$LOCKGN= 0
##$LOCKPOW= -20
##$LOCKPPM= 0
##$LOCNUC= <2H>
##$LOCPHAS= 0
##$LOCSHFT= no
##$LOCSW= 0
##$LTIME= 0.1
##$MASR= 4200
##$MASRLST= <masrlst>
##$NBL= 1
##$NC= 0
##$NLOGCH= 4
##$NS= 40
##$NUC1= <1H>
##$NUC2= <off>
##$NUC3= <off>
##$NUC4= <off>
##$NUC5= <off>
##$NUC6= <off>
##$NUC7= <off>
##$NUC8= <off>
##$NUCLEI= 0
##$NUCLEUS= <off>
##$O1= 3298.92
##$O2= 3290.61216712034
##$O3= 3290.61216712034
##$O4= 3290.61216712034
##$O5= 3290.61216712034
##$O6= 3290.61216712034
##$O7= 3290.61216712034
##$O8= 3290.61216712034
##$OBSCHAN= (0..9)
0 0 0 0 0 0 0 0 0 0
##$OVERFLW= 0
##$P= (0..63)
12.11496 12.11496 24.22992 0 0 17.16 26 52 20000 0 0 80000 80000 0 0 200000
1000 2500 10000 500 2500 0 0 0 0 250 0 12.11496 1000 1000 0 0 0 0 0 0 0
0 0 0 2000 0 0 0 0 0 0 0 0 0 0 0 0 0 0 0 0 0 0 0 0 0 0 0
##$PACOIL= (0..15)
0 0 0 0 0 0 0 0 0 0 0 0 0 0 0 0
##$PAPS= 2
##$PARMODE= 0
##$PCPD= (0..9)
100 65 100 100 100 100 100 100 100 100
##$PHCOR= (0..31)
0 0 0 0 0 0 0 0 0 0 0 0 0 0 0 0 0 0 0 0 0 0 0 0 0 0 0 0 0 0 0 0
##$PHLIST= <>
##$PHP= 1
##$PH_ref= 0
##$PL= (0..63)
120 4.6 120 120 120 120 120 120 120 56.91536 11.23303 24.87176 120 120
120 120 120 120 4.6 19.19183 120 120 120 120 120 120 120 24.87176 120 120
120 120 120 120 120 120 120 120 120 120 120 120 120 120 120 120 120 120
120 120 120 120 120 120 120 120 120 120 120 120 120 120 120 120
##$PLSTEP= 0.1
##$PLSTRT= -6
##$POWMOD= 0
##$PQPHASE= 0
##$PQSCALE= 0
##$PR= 1
##$PRECHAN= (0..15)
-1 4 0 5 -1 -1 1 2 -1 -1 -1 -1 -1 -1 -1 -1
##$PRGAIN= 0
##$PROBHD= <35>
##$PROSOL= no
##$PULPROG= <noesygppr1d>
##$PW= 0
##$PYNM= <acqu.py>
##$QNP= 1
##$RD= 0
##$RECCHAN= (0..15)
0 2 0 0 0 0 0 0 0 0 0 0 0 0 0 0
##$RECPH= 0
##$RECPRE= (0..15)
-1 0 -1 -1 -1 -1 -1 -1 -1 -1 -1 -1 -1 -1 -1 -1
##$RECPRFX= (0..15)
-1 0 0 0 0 0 0 0 0 0 0 0 0 0 0 0
##$RECSEL= (0..15)
0 0 1 0 0 0 0 0 0 0 0 0 0 0 0 0
##$RG= 32
##$RO= 20
##$ROUTWD1= (0..23)
0 0 0 0 0 0 0 0 0 0 0 0 0 0 0 0 0 0 0 0 1 1 0 0
##$ROUTWD2= (0..23)
0 0 0 0 0 1 0 0 0 0 0 0 0 0 0 0 0 0 1 0 1 1 0 0
##$RSEL= (0..9)
0 0 2 0 0 0 0 0 0 0
##$S= (0..7)
83 4 83 83 83 83 83 83
##$SEOUT= 0
##$SFO1= 700.13329892
##$SFO2= 700.133290612167
##$SFO3= 700.133290612167
##$SFO4= 700.133290612167
##$SFO5= 700.133290612167
##$SFO6= 700.133290612167
##$SFO7= 700.133290612167
##$SFO8= 700.133290612167
##$SOLVENT= <H2O+D2O>
##$SP= (0..31)
120 73.28439 67.2638 120 120 120 62.93356 120 120 120 38.33439 38.33439
120 120 120 120 120 120 120 65.22499 63.31499 66.62498 59.30499 120 120
120 120 120 120 120 120 120
##$SP07= 0
##$SPECTR= 0
##$SPNAM0= <>
##$SPNAM1= <Gaus1.1000>
##$SPNAM10= <Sinc1.1000>
##$SPNAM11= <Sinc1.1000>
##$SPNAM12= <>
##$SPNAM13= <>
##$SPNAM14= <>
##$SPNAM15= <>
##$SPNAM16= <>
##$SPNAM17= <>
##$SPNAM18= <>
##$SPNAM19= <Sinc1.1000>
##$SPNAM2= <Gaus1_180r.1000>
##$SPNAM20= <Sinc1.1000>
##$SPNAM21= <Sinc1.1000>
##$SPNAM22= <Sinc1.1000>
##$SPNAM23= <>
##$SPNAM24= <>
##$SPNAM25= <>
##$SPNAM26= <>
##$SPNAM27= <>
##$SPNAM28= <>
##$SPNAM29= <Gaus1.1000>
##$SPNAM3= <>
##$SPNAM30= <>
##$SPNAM31= <>
##$SPNAM4= <>
##$SPNAM5= <>
##$SPNAM6= <Squa100.1000>
##$SPNAM7= <>
##$SPNAM8= <Gaus1.1000>
##$SPNAM9= <>
##$SPOAL= (0..31)
0.5 0.5 0.5 0.5 0.5 0.5 0.5 0.5 0.5 0.5 0.5 0.5 0.5 0.5 0.5 0.5 0.5 0.5
0.5 0.5 0.5 0.5 0.5 0.5 0.5 0.5 0.5 0.5 0.5 0.5 0.5 0.5
##$SPOFFS= (0..31)
0 0 0 0 0 0 0 0 0 0 0 0 0 0 0 0 0 0 0 0 0 0 0 0 0 0 0 0 0 0 0 0
##$SUBNAM0= <>
##$SUBNAM1= <>
##$SUBNAM2= <>
##$SUBNAM3= <>
##$SUBNAM4= <>
##$SUBNAM5= <>
##$SUBNAM6= <>
##$SUBNAM7= <>
##$SUBNAM8= <>
##$SUBNAM9= <>
##$SW= 20.0041938620844
##$SWIBOX= (0..15)
0 1 2 3 0 0 6 7 0 0 0 0 0 0 0 0
##$SW_h= 14005.6022408964
##$SWfinal= 0
##$TD= 65536
##$TD0= 1
##$TE= 298
##$TE2= 300
##$TE3= 300
##$TEG= 300
##$TL= (0..7)
0 120 120 120 120 120 120 120
##$TP= (0..7)
150 150 150 150 150 150 150 150
##$TP07= 0
##$TPNAME0= <>
##$TPNAME1= <>
##$TPNAME2= <>
##$TPNAME3= <>
##$TPNAME4= <>
##$TPNAME5= <>
##$TPNAME6= <>
##$TPNAME7= <>
##$TPOAL= (0..7)
0.5 0.5 0.5 0.5 0.5 0.5 0.5 0.5
##$TPOFFS= (0..7)
0 0 0 0 0 0 0 0
##$TUNHIN= 0
##$TUNHOUT= 0
##$TUNXOUT= 0
##$USERA1= <>
##$USERA2= <>
##$USERA3= <>
##$USERA4= <>
##$USERA5= <>
##$V9= 5
##$VALIST= <valist>
##$VCLIST= <>
##$VD= 0
##$VDLIST= <>
##$VPLIST= <>
##$VTLIST= <>
##$WBST= 1024
##$WBSW= 4
##$XGAIN= (0..3)
0 0 0 0
##$XL= 0
##$YL= 0
##$YMAX_a= 0
##$YMIN_a= 0
##$ZGOPTNS= <>
##$ZL1= 120
##$ZL2= 120
##$ZL3= 120
##$ZL4= 120
##END=
