##TITLE= Parameter file, TOPSPIN		Version 3.0
##JCAMPDX= 5.0
##DATATYPE= Parameter Values
##NPOINTS= 1	$$ modification sequence number
##ORIGIN= Bruker BioSpin GmbH
##OWNER= mfjofre
$$ 2011-09-06 08:12:38.230 -0500  mfjofre@kurgan
$$ /opt/topspin3.0/data/mfjofre/nmr/cq_00246-D2O-100mM-9-2-11_414/1/pdata/992/proc
$$ process /opt/topspin3.0/prog/au/bin/hwcal
##$ABSF1= 10
##$ABSF2= 0
##$ABSG= 5
##$ABSL= 3
##$ALPHA= 0
##$AQORDER= 0
##$ASSFAC= 0
##$ASSFACI= 0
##$ASSFACX= 0
##$ASSWID= 0
##$AUNMP= <proc_1d>
##$AXLEFT= 0
##$AXNAME= <>
##$AXNUC= <off>
##$AXRIGHT= 0
##$AXTYPE= 0
##$AXUNIT= <>
##$AZFE= 0.1
##$AZFW= 0.1
##$BCFW= 1
##$BC_mod= 2
##$BYTORDP= 0
##$COROFFS= 0
##$CY= 100
##$DATMOD= 1
##$DC= 2
##$DFILT= <>
##$DTYPP= 0
##$ERETIC= no
##$F1P= -0.134702464972608
##$F2P= -0.168207139001327
##$FCOR= 0.5
##$FTSIZE= 0
##$FT_mod= 4
##$GAMMA= 1
##$GB= 0
##$INTBC= 1
##$INTSCL= 1
##$ISEN= 128
##$LB= 0.3
##$LEV0= 0
##$LPBIN= 0
##$MAXI= 10000
##$MC2= 0
##$MEAN= 0
##$ME_mod= 0
##$MI= 50
##$NCOEF= 0
##$NC_proc= 0
##$NLEV= 6
##$NOISF1= 8.174992
##$NOISF2= 6.675002
##$NSP= 1
##$NTH_PI= 0
##$NZP= 0
##$OFFSET= 3.958309
##$PC= 4
##$PHC0= -44.82683
##$PHC1= -102.8405
##$PH_mod= 0
##$PKNL= yes
##$PPARMOD= 0
##$PPDIAG= 0
##$PPIPTYP= 0
##$PPMPNUM= 2147483647
##$PPRESOL= 1
##$PSCAL= 1
##$PSIGN= 0
##$PYNMP= <proc.py>
##$REVERSE= no
##$SF= 600.13
##$SI= 32768
##$SIGF1= 5.6
##$SIGF2= 5.2
##$SINO= 0
##$SIOLD= 32768
##$SPECTYP= <>
##$SREGLST= <1H.CDCl3>
##$SSB= 2
##$STSI= 0
##$STSR= 0
##$SW_p= 8012.82051282053
##$SYMM= 0
##$S_DEV= 0
##$TDeff= 0
##$TDoff= 0
##$TI= <>
##$TILT= no
##$TM1= 0
##$TM2= 0
##$TOPLEV= 0
##$USERP1= <>
##$USERP2= <>
##$USERP3= <>
##$USERP4= <>
##$USERP5= <>
##$WDW= 1
##$XDIM= 0
##$YMAX_p= 0
##$YMIN_p= 0
##END=
