##TITLE= Parameter file, TOPSPIN		Version 3.2
##JCAMPDX= 5.0
##DATATYPE= Parameter Values
##NPOINTS= 4066	$$ modification sequence number
##ORIGIN= Bruker BioSpin GmbH
##OWNER= nmr
$$ 2018-09-17 14:06:36.653 -0400  nmrsu@BRUKER600
$$ C:/Bruker/TopSpin3.2/conf/instr/spect/specpar
$$ process C:\Bruker\TopSpin3.2\prog\mod\cprserver.exe
##$HPPRECH= (0..15)
-1 -1 -1 -1 -1 -1 -1 -1 -1 -1 -1 -1 -1 -1 -1 -1
##$NUC1= 1
##$NUC2= 12
##$NUC3= 0
##$NUC4= 0
##$NUC5= 0
##$NUC6= 0
##$NUC7= 0
##$NUC8= 0
##$NUCARR= (0..123)
600.22 600.22 92.137424499 640.218504743 457.244216761 88.328891389 233.268282353
84.341791989 64.485584048 192.574428743 150.925439044 43.359202547 60.819764406
81.368566205 564.771072824 47.383143451 158.76959418 36.743277597 156.39847909
119.246829811 242.973509632 46.0728872 58.8090094 48.952292595 28.008504021
15.373464871 40.394980064 145.803923843 33.837606575 33.846627881 59.84378868
157.875554486 33.927411491 148.78984428 19.433791112 142.414643563 53.635965312
159.151172041 170.484646125 37.554582967 144.060926979 183.047316749 20.937564293
102.773353751 114.471035329 31.317810988 150.378998756 162.09852234 23.09406472
57.950898875 196.394708999 26.012466408 29.411968436 55.798239856 146.910867574
39.115893237 39.936808129 135.099474317 27.641037332 30.979569012 19.125692183
27.46666742 24.295819202 27.931435773 127.339554056 133.207874985 131.242634661
131.523981784 196.384475248 213.87194497 223.82583139 143.636109269 77.783812277
157.076025432 189.368023492 120.088932469 166.922298409 49.481662626 78.725707512
59.628597805 66.702016442 79.19482746 84.78492241 183.787364 32.71199 20.167392
25.029174 20.647568 149.214692 65.904156 18.426754 24.188866 144.292888
20.647568 28.930604 128.086948 17.286336 49.758238 105.034334473 28.9366062
68.4490888 48.8038882 24.0508154 15.1075374 71.96397712 25.007488051 135.19715412
136.55965352 13.699007128 46.60948388 10.3117796 11.2301162 129.027996925
10.3778038 107.504335808 39.684043483 342.86487104 346.229932444 125.569619318
96.451080434 11.05245108 100 100 100
##$OFFSF= (0..7)
-56473.1 0 0 0 0 0 0 0
##$OFFSH= (0..7)
3706.59999998679 2135 0 0 0 0 0 0
##$OFFSX= (0..7)
0 5 0 0 0 0 0 0
##$PRECHAN= (0..15)
-1 1 -1 0 -1 2 -1 -1 -1 -1 -1 -1 -1 -1 -1 -1
##$RECPRE= (0..15)
-1 0 -1 -1 -1 -1 -1 -1 -1 -1 -1 -1 -1 -1 -1 -1
##$RECSEL= (0..15)
0 0 1 0 0 0 0 0 0 0 0 0 0 0 0 0
##$SELREC= (0..9)
0 0 0 0 0 0 0 0 0 0
##$SFO1= 600.223707
##$SFO2= 60.819764
##$SFO3= 600.22
##$SFO4= 600.22
##$SFO5= 600.22
##$SFO6= 600.22
##$SFO7= 600.22
##$SFO8= 600.22
##END=
