##TITLE= Parameter file, XWIN-NMR		Version 3.5
##JCAMPDX= 5.0
##DATATYPE= Parameter Values
##ORIGIN= UXNMR, Bruker Analytische Messtechnik GmbH
##OWNER= root
$$ Tue Jan 31 23:58:54 2006 Central Standard Time (UT-6h)  qiucui@CUI
$$ C:/Bruker/XWIN-NMR/data/cui/nmr/expnmr_00217/1/pdata/1//proc
##$ABSF1= 10
##$ABSF2= 0
##$ABSG= 5
##$ABSL= 3
##$ALPHA= 0
##$AQORDER= 0
##$ASSFAC= 2
##$ASSFACI= 0
##$ASSFACX= 0
##$ASSWID= 0
##$AUNMP= <proc_1d>
##$AZFE= 0.1
##$AZFW= 0.1
##$BCFW= 1
##$BC_mod= 2
##$BYTORDP= 1
##$COROFFS= 0
##$CY= 12.5
##$DATMOD= 1
##$DC= 2
##$DFILT= <>
##$DTYPP= 0
##$F1P= 8.10898979103079
##$F2P= 1.10898948196965
##$FCOR= 0.5
##$FTSIZE= 0
##$FT_mod= 4
##$GAMMA= 1
##$GB= 0
##$INTBC= 1
##$INTSCL= 1
##$ISEN= 128
##$LB= 1
##$LEV0= 0
##$LPBIN= 0
##$MAXI= 36
##$MC2= 0
##$MEAN= 0
##$ME_mod= 0
##$MI= 0.5
##$NCOEF= 0
##$NC_proc= 0
##$NLEV= 6
##$NOISF1= 0
##$NOISF2= 0
##$NSP= 1
##$NTH_PF= 0 
##$NTH_PI= 0
##$NZP= 0
##$OFFSET= 10.70766
##$PC= 4
##$PHC0= 37.05311
##$PHC1= -8.17805
##$PH_mod= 0
##$PKNL= yes
##$PPARMOD= 0
##$PSCAL= 5
##$PSIGN= 0
##$REVERSE= no
##$SF= 400.13
##$SI= 32768
##$SIGF1= 0
##$SIGF2= 0
##$SINO= 400
##$SIOLD= 32768
##$SREGLST= <1H.D2O>
##$SSB= 2
##$STSI= 0
##$STSR= 0
##$SW_p= 4807.69230769232
##$SYMM= 0
##$S_DEV= 0
##$T1D= 5 
##$TDeff= 0
##$TDoff= 0
##$TI= <>
##$TILT= no
##$TM1= 0
##$TM2= 0
##$TOPLEV= 0
##$USERP1= <user>
##$USERP2= <user>
##$USERP3= <user>
##$USERP4= <user>
##$USERP5= <user>
##$WDW= 1
##$XDIM= 8192
##$YMAX_p= 0
##$YMIN_p= 0
##END=
