##TITLE= Parameter file, TopSpin 3.5 pl 5
##JCAMPDX= 5.0
##DATATYPE= Parameter Values
##NPOINTS= 58406	$$ modification sequence number
##ORIGIN= Bruker BioSpin GmbH
##OWNER= nmrsu
$$ 2016-10-21 22:15:12.046 -0500  tonelli@fleckvieh
$$ /opt/topspin3.5pl5/conf/instr/spect/specpar
$$ process /opt/topspin3.5pl5/prog/mod/hconfserver
##$ANCIEN= (0..7)
0 0 0 0 0 0 0 0
##$BF1= 100.13
##$BF2= 100.13
##$BF3= 100.13
##$DEC= 1
##$DECB= 1
##$DEF19F= yes
##$DEFRSEL= yes
##$HPMOD= (0..7)
0 0 0 0 0 0 0 0
##$HPPRECH= (0..15)
-1 -1 -1 -1 -1 -1 -1 -1 -1 -1 -1 -1 -1 -1 -1 -1
##$HPSELECT= no
##$LOCSW19F= -1
##$LOCSW2H= -1
##$NUC1= 1
##$NUC2= 10
##$NUC3= 12
##$NUC4= 0
##$NUC5= 0
##$NUC6= 0
##$NUC7= 0
##$NUC8= 0
##$NUCARR= (0..123)
899.75 899.75 138.117103218 959.709106065 685.42033656 132.407983785 349.677013508
126.431187468 96.666062855 288.675556065 226.24231745 65.018787208 91.17087572
121.974221858 846.610863973 71.02892826 238.00097025 55.079410913 234.446588853
178.755015033 364.225476145 69.06481 88.156686228 73.381135688 41.985691068
23.045341738 60.553435928 218.564993633 50.723712165 50.737235408 89.707855228
236.66077463 50.85833276 223.040988955 29.131907555 213.484348315 80.402118873
238.572968318 255.562227768 56.295584993 215.952182615 274.39409424 31.386114213
154.060719465 171.595938218 46.946453695 225.42318505 242.991145705 34.618781
86.870349643 294.402284865 38.993563445 44.089531505 83.643441255 220.224339575
58.636041685 59.866620763 202.518663185 41.434846123 46.439417578 28.670056883
41.17345975 36.420251453 41.870163168 190.8862813 199.683092063 196.737130613
197.158879428 294.386944128 320.601250353 335.52246142 215.315366558 116.600554958
235.462253645 283.869046578 180.017355285 250.222148535 74.174679198 118.012487645
89.385276858 99.98856968 118.71571425 127.095454898 275.50345 49.036375
30.2316 37.519575 30.9514 223.67785 98.79255 27.622325 36.259925 216.2999
30.9514 43.36795 192.00665 25.9128 74.589275 157.450005735 43.3769475 102.60749
73.1586725 36.0529825 22.6467075 107.876426 37.487067033 202.6650885 204.707521
20.535273173 69.8691865 15.457705 16.8343225 193.41731404 15.5566775 161.152620945
59.487718043 513.965992 519.010332405 188.233089503 144.58341878 16.5679965
32.660925 100 100
##$NUCOFFS= (0..127)
<1H> <7Li> <15N> <13C> <2H> <79Br> <17O> <> <> <> <> <> <> <> <> <> <>
<> <> <> <> <> <> <> <> <> <> <> <> <> <> <> <> <> <> <> <> <> <> <> <>
<> <> <> <> <> <> <> <> <> <> <> <> <> <> <> <> <> <> <> <> <> <> <> <>
<> <> <> <> <> <> <> <> <> <> <> <> <> <> <> <> <> <> <> <> <> <> <> <>
<> <> <> <> <> <> <> <> <> <> <> <> <> <> <> <> <> <> <> <> <> <> <> <>
<> <> <> <> <> <> <> <> <> <> <> <> <> <> <>
##$OBS= 1
##$OFFS= (0..127)
0 0 0 0 0 0 0 0 0 0 0 0 0 0 0 0 0 0 0 0 0 0 0 0 0 0 0 0 0 0 0 0 0 0 0 0
0 0 0 0 0 0 0 0 0 0 0 0 0 0 0 0 0 0 0 0 0 0 0 0 0 0 0 0 0 0 0 0 0 0 0 0
0 0 0 0 0 0 0 0 0 0 0 0 0 0 0 0 0 0 0 0 0 0 0 0 0 0 0 0 0 0 0 0 0 0 0 0
0 0 0 0 0 0 0 0 0 0 0 0 0 0 0 0 0 0 0 0
##$OFFSF= (0..7)
0 0 0 0 0 0 0 0
##$OFFSH= (0..7)
0 0 0 0 0 0 0 0
##$OFFSX= (0..7)
0 0 0 0 0 0 0 0
##$OFFSXAS= (0..7)
0 0 0 0 0 0 0 0
##$OFSF1= 0
##$OFSF2= 0
##$OFSH1= 0
##$OFSH2= 0
##$OFSH3= 0
##$OFSX1= 0
##$OFSX2= 0
##$OFSY= 0
##$PACOIL= (0..15)
0 0 0 0 0 0 0 0 0 0 0 0 0 0 0 0
##$PRECHAN= (0..15)
-1 3 0 2 4 -1 1 -1 -1 -1 -1 -1 -1 -1 -1 -1
##$RECPRE= (0..15)
-1 0 -1 -1 -1 -1 -1 -1 -1 -1 -1 -1 -1 -1 -1 -1
##$RECPRFX= (0..15)
1 0 0 0 0 0 0 0 0 0 0 0 0 0 0 0
##$RECSEL= (0..15)
0 0 0 0 1 0 0 0 0 0 0 0 0 0 0 0
##$SELREC= (0..9)
0 0 0 0 0 0 0 0 0 0
##$SFO1= 899.75
##$SFO2= 226.242317
##$SFO3= 91.170876
##$SFO4= 899.75
##$SFO5= 899.75
##$SFO6= 899.75
##$SFO7= 899.75
##$SFO8= 899.75
##$TY= (0..123)
0 0 0 0 0 0 0 0 0 0 0 0 0 0 0 0 0 0 0 0 0 0 0 0 0 0 0 0 0 0 0 0 0 0 0 0
0 0 0 0 0 0 0 0 0 0 0 0 0 0 0 0 0 0 0 0 0 0 0 0 0 0 0 0 0 0 0 0 0 0 0 0
0 0 0 0 0 0 0 0 0 0 0 0 0 0 0 0 0 0 0 0 0 0 0 0 0 0 0 0 0 0 0 0 0 0 0 0
0 0 0 0 0 0 0 0 0 0 0 0 0 0 0 0
##END=
