##TITLE= Parameter file, TOPSPIN		Version 2.1
##JCAMPDX= 5.0
##DATATYPE= Parameter Values
##NPOINTS= 10	$$ modification sequence number
##ORIGIN= Bruker BioSpin GmbH
##OWNER= mfjofre
$$ 2011-02-27 12:02:37.361 -0600  mfjofre@watusi.nmrfam.wisc.edu
$$ /banyo2/data/mfjofre/nmr/cq_00130-d2o-100mm-1-24-11/2/pdata/1/proc2
$$ process /opt/topspin/prog/mod/proc2d
##$ABSF1= 1000
##$ABSF2= -1000
##$ABSG= 5
##$ABSL= 3
##$ALPHA= 0
##$AQORDER= 0
##$ASSFAC= 0
##$ASSFACI= 0
##$ASSFACX= 0
##$ASSWID= 0
##$AUNMP= <        >
##$AXLEFT= 0
##$AXNAME= <>
##$AXNUC= <off>
##$AXRIGHT= 0
##$AXTYPE= 0
##$AXUNIT= <>
##$AZFE= 0.1
##$AZFW= 0.5
##$BCFW= 1
##$BC_mod= 0
##$BYTORDP= 0
##$COROFFS= 0
##$CY= -3
##$DATMOD= 1
##$DC= 1
##$DFILT= <        >
##$DTYPP= 0
##$F1P= 9.8000005086263
##$F2P= -0.199999491373698
##$FCOR= 1
##$FTSIZE= 0
##$FT_mod= 0
##$GAMMA= 1
##$GB= 0.1
##$INTBC= 1
##$INTSCL= 1
##$ISEN= 128
##$LB= 0.3
##$LEV0= 0
##$LPBIN= 0
##$MAXI= 10000
##$MC2= 2
##$MEAN= 0
##$ME_mod= 0
##$MI= 1
##$NCOEF= 0
##$NC_proc= 0
##$NLEV= 6
##$NOISF1= 0
##$NOISF2= 0
##$NSP= 1
##$NTH_PI= 0
##$NZP= 1
##$OFFSET= 11.19558
##$PC= 4
##$PHC0= 182.8131
##$PHC1= -192.1375
##$PH_mod= 1
##$PKNL= yes
##$PPARMOD= 1
##$PPDIAG= 0
##$PPIPTYP= 0
##$PPMPNUM= 100
##$PPRESOL= 1
##$PSCAL= 1
##$PSIGN= 0
##$PYNMP= <proc.py>
##$REVERSE= no
##$SF= 499.84
##$SI= 1024
##$SIGF1= 0
##$SIGF2= 0
##$SINO= 16
##$SIOLD= 1024
##$SPECTYP= <>
##$SREGLST= <RRRRRRRR>
##$SSB= 2
##$STSI= 0
##$STSR= 0
##$SW_p= 6493.50194331569
##$SYMM= 0
##$S_DEV= 0
##$TDeff= 0
##$TDoff= 0
##$TI= <        >
##$TILT= no
##$TM1= 0.1
##$TM2= 0.9
##$TOPLEV= 0
##$USERP1= <user>
##$USERP2= <user>
##$USERP3= <user>
##$USERP4= <user>
##$USERP5= <user>
##$WDW= 4
##$XDIM= 64
##$YMAX_p= 0
##$YMIN_p= 0
##END=
